GEM
  remote: https://rubygems.org/
  specs:
    geocoder (1.8.0)
    line-bot-api (1.18.0)
    mustermann (2.0.2)
      ruby2_keywords (~> 0.0.1)
    rack (2.2.4)
    rack-protection (2.2.2)
      rack
    ruby2_keywords (0.0.5)
    sinatra (2.2.2)
      mustermann (~> 2.0)
      rack (~> 2.2)
      rack-protection (= 2.2.2)
      tilt (~> 2.0)
    tilt (2.0.11)

PLATFORMS
  ruby

DEPENDENCIES
  geocoder
  line-bot-api (~> 1.18.0)
  sinatra

BUNDLED WITH
   2.3.3
