GEM
  remote: https://rubygems.org/
  specs:
    addressable (2.8.0)
      public_suffix (>= 2.0.2, < 5.0)
    concurrent-ruby (1.1.10)
    domain_name (0.5.20190701)
      unf (>= 0.0.5, < 1.0.0)
    eventmachine (1.2.7)
    faye-websocket (0.11.1)
      eventmachine (>= 0.12.0)
      websocket-driver (>= 0.5.1)
    ffi (1.15.5)
    ffi-compiler (1.0.1)
      ffi (>= 1.0.0)
      rake
    geocoder (1.8.0)
    http (4.4.1)
      addressable (~> 2.3)
      http-cookie (~> 1.0)
      http-form_data (~> 2.2)
      http-parser (~> 1.2.0)
    http-cookie (1.0.5)
      domain_name (~> 0.5)
    http-form_data (2.3.0)
    http-parser (1.2.3)
      ffi-compiler (>= 1.0, < 2.0)
    ibm_cloud_sdk_core (1.1.3)
      concurrent-ruby (~> 1.0)
      http (~> 4.4.0)
      jwt (~> 2.2.1)
    ibm_watson (2.2.0)
      concurrent-ruby (~> 1.0)
      eventmachine (~> 1.2)
      faye-websocket (~> 0.11)
      http (~> 4.4.0)
      ibm_cloud_sdk_core (~> 1.1.3)
      jwt (~> 2.2.1)
    jwt (2.2.3)
    line-bot-api (1.18.0)
    mustermann (2.0.2)
      ruby2_keywords (~> 0.0.1)
    public_suffix (4.0.7)
    rack (2.2.4)
    rack-protection (2.2.2)
      rack
    rake (13.0.6)
    ruby2_keywords (0.0.5)
    sinatra (2.2.2)
      mustermann (~> 2.0)
      rack (~> 2.2)
      rack-protection (= 2.2.2)
      tilt (~> 2.0)
    tilt (2.0.11)
    unf (0.1.4)
      unf_ext
    unf_ext (0.0.8.2)
    websocket-driver (0.7.5)
      websocket-extensions (>= 0.1.0)
    websocket-extensions (0.1.5)

PLATFORMS
  ruby

DEPENDENCIES
  geocoder
  ibm_watson
  line-bot-api (~> 1.18.0)
  sinatra

BUNDLED WITH
   2.3.7
